GEM
  remote: https://rubygems.org/
  specs:
    hologram (1.3.1)
      redcarpet (>= 2.2, < 4.0)
      rouge (>= 1.5)
    redcarpet (3.3.4)
    rouge (1.10.1)
    sass (3.3.14)

PLATFORMS
  ruby

DEPENDENCIES
  hologram (= 1.3.1)
  sass (= 3.3.14)

BUNDLED WITH
   1.10.6
